GEM
  remote: https://rubygems.org/
  specs:
    actioncable (7.0.4)
      actionpack (= 7.0.4)
      activesupport (= 7.0.4)
      nio4r (~> 2.0)
      websocket-driver (>= 0.6.1)
    actionmailbox (7.0.4)
      actionpack (= 7.0.4)
      activejob (= 7.0.4)
      activerecord (= 7.0.4)
      activestorage (= 7.0.4)
      activesupport (= 7.0.4)
      mail (>= 2.7.1)
      net-imap
      net-pop
      net-smtp
    actionmailer (7.0.4)
      actionpack (= 7.0.4)
      actionview (= 7.0.4)
      activejob (= 7.0.4)
      activesupport (= 7.0.4)
      mail (~> 2.5, >= 2.5.4)
      net-imap
      net-pop
      net-smtp
      rails-dom-testing (~> 2.0)
    actionpack (7.0.4)
      actionview (= 7.0.4)
      activesupport (= 7.0.4)
      rack (~> 2.0, >= 2.2.0)
      rack-test (>= 0.6.3)
      rails-dom-testing (~> 2.0)
      rails-html-sanitizer (~> 1.0, >= 1.2.0)
    actiontext (7.0.4)
      actionpack (= 7.0.4)
      activerecord (= 7.0.4)
      activestorage (= 7.0.4)
      activesupport (= 7.0.4)
      globalid (>= 0.6.0)
      nokogiri (>= 1.8.5)
    actionview (7.0.4)
      activesupport (= 7.0.4)
      builder (~> 3.1)
      erubi (~> 1.4)
      rails-dom-testing (~> 2.0)
      rails-html-sanitizer (~> 1.1, >= 1.2.0)
    activejob (7.0.4)
      activesupport (= 7.0.4)
      globalid (>= 0.3.6)
    activemodel (7.0.4)
      activesupport (= 7.0.4)
    activerecord (7.0.4)
      activemodel (= 7.0.4)
      activesupport (= 7.0.4)
    activestorage (7.0.4)
      actionpack (= 7.0.4)
      activejob (= 7.0.4)
      activerecord (= 7.0.4)
      activesupport (= 7.0.4)
      marcel (~> 1.0)
      mini_mime (>= 1.1.0)
    activesupport (7.0.4)
      concurrent-ruby (~> 1.0, >= 1.0.2)
      i18n (>= 1.6, < 2)
      minitest (>= 5.1)
      tzinfo (~> 2.0)
    addressable (2.8.1)
      public_suffix (>= 2.0.2, < 6.0)
    airborne (0.3.7)
      activesupport
      rack
      rack-test (>= 1.1.0, < 2.0)
      rest-client (>= 2.0.2, < 3.0)
      rspec (~> 3.8)
    allure-rspec (2.18.0)
      allure-ruby-commons (= 2.18.0)
      rspec-core (>= 3.8, < 4)
    allure-ruby-commons (2.18.0)
      mime-types (>= 3.3, < 4)
      oj (>= 3.10, < 4)
      require_all (>= 2, < 4)
      uuid (>= 2.3, < 3)
    ansi (1.5.0)
    anyway_config (2.3.0)
      ruby-next-core (>= 0.14.0)
    ast (2.4.2)
    aws-eventstream (1.2.0)
    aws-partitions (1.626.0)
    aws-sdk-codecommit (1.51.0)
      aws-sdk-core (~> 3, >= 3.127.0)
      aws-sigv4 (~> 1.1)
    aws-sdk-core (3.141.0)
      aws-eventstream (~> 1, >= 1.0.2)
      aws-partitions (~> 1, >= 1.525.0)
      aws-sigv4 (~> 1.1)
      jmespath (~> 1, >= 1.6.1)
    aws-sdk-ecr (1.56.0)
      aws-sdk-core (~> 3, >= 3.127.0)
      aws-sigv4 (~> 1.1)
    aws-sigv4 (1.5.1)
      aws-eventstream (~> 1, >= 1.0.2)
    backport (1.2.0)
    benchmark (0.2.0)
    bootsnap (1.13.0)
      msgpack (~> 1.2)
    bson (4.15.0)
    builder (3.2.4)
    byebug (11.1.3)
    capybara (3.37.1)
      addressable
      matrix
      mini_mime (>= 0.1.3)
      nokogiri (~> 1.8)
      rack (>= 1.6.0)
      rack-test (>= 0.6.3)
      regexp_parser (>= 1.5, < 3.0)
      xpath (~> 3.2)
    citrus (3.0.2)
    coderay (1.1.3)
    commonmarker (0.23.5)
    concurrent-ruby (1.1.10)
    connection_pool (2.2.5)
    crass (1.0.6)
    dependabot-bundler (0.212.0)
      dependabot-common (= 0.212.0)
    dependabot-cargo (0.212.0)
      dependabot-common (= 0.212.0)
    dependabot-common (0.212.0)
      activesupport (>= 6.0.0)
      aws-sdk-codecommit (~> 1.28)
      aws-sdk-ecr (~> 1.5)
      bundler (>= 1.16, < 3.0.0)
      commonmarker (>= 0.20.1, < 0.24.0)
      docker_registry2 (~> 1.11, >= 1.11.0)
      excon (~> 0.75)
      faraday (= 2.5.2)
      gitlab (= 4.19.0)
      nokogiri (~> 1.8)
      octokit (>= 4.6, < 6.0)
      parser (>= 2.5, < 4.0)
      toml-rb (>= 1.1.2, < 3.0)
    dependabot-composer (0.212.0)
      dependabot-common (= 0.212.0)
    dependabot-docker (0.212.0)
      dependabot-common (= 0.212.0)
    dependabot-elm (0.212.0)
      dependabot-common (= 0.212.0)
    dependabot-git_submodules (0.212.0)
      dependabot-common (= 0.212.0)
      parseconfig (~> 1.0, < 1.1.0)
    dependabot-github_actions (0.212.0)
      dependabot-common (= 0.212.0)
    dependabot-go_modules (0.212.0)
      dependabot-common (= 0.212.0)
    dependabot-gradle (0.212.0)
      dependabot-common (= 0.212.0)
      dependabot-maven (= 0.212.0)
    dependabot-hex (0.212.0)
      dependabot-common (= 0.212.0)
    dependabot-maven (0.212.0)
      dependabot-common (= 0.212.0)
    dependabot-npm_and_yarn (0.212.0)
      dependabot-common (= 0.212.0)
    dependabot-nuget (0.212.0)
      dependabot-common (= 0.212.0)
    dependabot-omnibus (0.212.0)
      dependabot-bundler (= 0.212.0)
      dependabot-cargo (= 0.212.0)
      dependabot-common (= 0.212.0)
      dependabot-composer (= 0.212.0)
      dependabot-docker (= 0.212.0)
      dependabot-elm (= 0.212.0)
      dependabot-git_submodules (= 0.212.0)
      dependabot-github_actions (= 0.212.0)
      dependabot-go_modules (= 0.212.0)
      dependabot-gradle (= 0.212.0)
      dependabot-hex (= 0.212.0)
      dependabot-maven (= 0.212.0)
      dependabot-npm_and_yarn (= 0.212.0)
      dependabot-nuget (= 0.212.0)
      dependabot-pub (= 0.212.0)
      dependabot-python (= 0.212.0)
      dependabot-terraform (= 0.212.0)
    dependabot-pub (0.212.0)
      dependabot-common (= 0.212.0)
    dependabot-python (0.212.0)
      dependabot-common (= 0.212.0)
    dependabot-terraform (0.212.0)
      dependabot-common (= 0.212.0)
    diff-lcs (1.5.0)
    digest (3.1.0)
    docile (1.4.0)
    docker_registry2 (1.12.0)
      rest-client (>= 1.8.0)
    domain_name (0.5.20190701)
      unf (>= 0.0.5, < 1.0.0)
    dry-configurable (0.15.0)
      concurrent-ruby (~> 1.0)
      dry-core (~> 0.6)
    dry-container (0.9.0)
      concurrent-ruby (~> 1.0)
      dry-configurable (~> 0.13, >= 0.13.0)
    dry-core (0.7.1)
      concurrent-ruby (~> 1.0)
    dry-inflector (0.2.1)
    dry-initializer (3.1.1)
    dry-logic (1.2.0)
      concurrent-ruby (~> 1.0)
      dry-core (~> 0.5, >= 0.5)
    dry-schema (1.9.2)
      concurrent-ruby (~> 1.0)
      dry-configurable (~> 0.13, >= 0.13.0)
      dry-core (~> 0.5, >= 0.5)
      dry-initializer (~> 3.0)
      dry-logic (~> 1.0)
      dry-types (~> 1.5)
    dry-types (1.5.1)
      concurrent-ruby (~> 1.0)
      dry-container (~> 0.3)
      dry-core (~> 0.5, >= 0.5)
      dry-inflector (~> 0.1, >= 0.1.2)
      dry-logic (~> 1.0, >= 1.0.2)
    dry-validation (1.8.1)
      concurrent-ruby (~> 1.0)
      dry-container (~> 0.7, >= 0.7.1)
      dry-core (~> 0.5, >= 0.5)
      dry-initializer (~> 3.0)
      dry-schema (~> 1.8, >= 1.8.0)
    e2mmap (0.1.0)
    erubi (1.11.0)
    et-orbi (1.2.7)
      tzinfo
    excon (0.92.4)
    factory_bot (6.2.1)
      activesupport (>= 5.0.0)
    factory_bot_rails (6.2.0)
      factory_bot (~> 6.2.0)
      railties (>= 5.0.0)
    faker (2.23.0)
      i18n (>= 1.8.11, < 2)
    faraday (2.5.2)
      faraday-net_http (>= 2.0, < 3.1)
      ruby2_keywords (>= 0.0.4)
    faraday-net_http (3.0.0)
    faraday-retry (2.0.0)
      faraday (~> 2.0)
    fugit (1.5.3)
      et-orbi (~> 1, >= 1.2.7)
      raabro (~> 1.4)
    git (1.12.0)
      addressable (~> 2.8)
      rchardet (~> 1.8)
    gitlab (4.19.0)
      httparty (~> 0.20)
      terminal-table (>= 1.5.1)
    globalid (1.0.0)
      activesupport (>= 5.0)
    graphql (2.0.7)
    graphql-client (0.18.0)
      activesupport (>= 3.0)
      graphql
    http-accept (1.7.0)
    http-cookie (1.0.5)
      domain_name (~> 0.5)
    httparty (0.20.0)
      mime-types (~> 3.0)
      multi_xml (>= 0.5.2)
    i18n (1.12.0)
      concurrent-ruby (~> 1.0)
    jaro_winkler (1.5.4)
    jmespath (1.6.1)
    json (2.6.2)
    kramdown (2.4.0)
      rexml
    kramdown-parser-gfm (1.1.0)
      kramdown (~> 2.0)
    kwalify (0.7.2)
    lograge (0.12.0)
      actionpack (>= 4)
      activesupport (>= 4)
      railties (>= 4)
      request_store (~> 1.0)
    loofah (2.18.0)
      crass (~> 1.0.2)
      nokogiri (>= 1.5.9)
    macaddr (1.7.2)
      systemu (~> 2.6.5)
    mail (2.7.1)
      mini_mime (>= 0.1.1)
    marcel (1.0.2)
    matrix (0.4.2)
    method_source (1.0.0)
    mime-types (3.4.1)
      mime-types-data (~> 3.2015)
    mime-types-data (3.2022.0105)
    mini_mime (1.1.2)
    mini_portile2 (2.8.0)
    minitest (5.16.3)
    mongo (2.18.0)
      bson (>= 4.14.1, < 5.0.0)
    mongoid (8.0.2)
      activemodel (>= 5.1, < 7.1, != 7.0.0)
      mongo (>= 2.18.0, < 3.0.0)
      ruby2_keywords (~> 0.0.5)
    mongoid_rails_migrations (1.4.0)
      activesupport (>= 4.2.0)
      bundler (>= 1.0.0)
      mongoid (>= 4.0.0)
      rails (>= 4.2.0)
      railties (>= 4.2.0)
    msgpack (1.5.4)
    multi_xml (0.6.0)
    net-imap (0.2.3)
      digest
      net-protocol
      strscan
    net-pop (0.1.1)
      digest
      net-protocol
      timeout
    net-protocol (0.1.3)
      timeout
    net-smtp (0.3.1)
      digest
      net-protocol
      timeout
    netrc (0.11.0)
    nio4r (2.5.8)
    nokogiri (1.13.8)
      mini_portile2 (~> 2.8.0)
      racc (~> 1.4)
    nokogiri (1.13.8-x86_64-linux)
      racc (~> 1.4)
    octokit (5.4.0)
      faraday (>= 1, < 3)
      sawyer (~> 0.9)
    oj (3.13.13)
    parallel (1.22.1)
    parseconfig (1.0.8)
    parser (3.1.2.1)
      ast (~> 2.4.1)
    prometheus-client-mmap (0.14.0)
    pry (0.14.1)
      coderay (~> 1.1)
      method_source (~> 1.0)
    pry-byebug (3.10.1)
      byebug (~> 11.0)
      pry (>= 0.13, < 0.15)
    pry-rails (0.3.9)
      pry (>= 0.10.4)
    public_suffix (5.0.0)
    puma (5.6.5)
      nio4r (~> 2.0)
    raabro (1.4.0)
    racc (1.6.0)
    rack (2.2.4)
    rack-test (1.1.0)
      rack (>= 1.0, < 3)
    rails (7.0.4)
      actioncable (= 7.0.4)
      actionmailbox (= 7.0.4)
      actionmailer (= 7.0.4)
      actionpack (= 7.0.4)
      actiontext (= 7.0.4)
      actionview (= 7.0.4)
      activejob (= 7.0.4)
      activemodel (= 7.0.4)
      activerecord (= 7.0.4)
      activestorage (= 7.0.4)
      activesupport (= 7.0.4)
      bundler (>= 1.15.0)
      railties (= 7.0.4)
    rails-dom-testing (2.0.3)
      activesupport (>= 4.2.0)
      nokogiri (>= 1.6)
    rails-healthcheck (1.4.0)
      actionpack
      railties
    rails-html-sanitizer (1.4.3)
      loofah (~> 2.3)
    railties (7.0.4)
      actionpack (= 7.0.4)
      activesupport (= 7.0.4)
      method_source
      rake (>= 12.2)
      thor (~> 1.0)
      zeitwerk (~> 2.5)
    rainbow (3.1.1)
    rake (13.0.6)
    rchardet (1.8.0)
    redis (4.8.0)
    reek (6.1.1)
      kwalify (~> 0.7.0)
      parser (~> 3.1.0)
      rainbow (>= 2.0, < 4.0)
    regexp_parser (2.5.0)
    request_store (1.5.1)
      rack (>= 1.4)
    request_store-sidekiq (0.1.0)
      request_store (>= 1.3)
      sidekiq (>= 3.0)
    require_all (3.0.0)
    rest-client (2.1.0)
      http-accept (>= 1.7.0, < 2.0)
      http-cookie (>= 1.0.2, < 2.0)
      mime-types (>= 1.16, < 4.0)
      netrc (~> 0.8)
    reverse_markdown (2.1.1)
      nokogiri
    rexml (3.2.5)
    rspec (3.11.0)
      rspec-core (~> 3.11.0)
      rspec-expectations (~> 3.11.0)
      rspec-mocks (~> 3.11.0)
    rspec-core (3.11.0)
      rspec-support (~> 3.11.0)
    rspec-expectations (3.11.0)
      diff-lcs (>= 1.2.0, < 2.0)
      rspec-support (~> 3.11.0)
    rspec-mocks (3.11.1)
      diff-lcs (>= 1.2.0, < 2.0)
      rspec-support (~> 3.11.0)
    rspec-rails (5.1.2)
      actionpack (>= 5.2)
      activesupport (>= 5.2)
      railties (>= 5.2)
      rspec-core (~> 3.10)
      rspec-expectations (~> 3.10)
      rspec-mocks (~> 3.10)
      rspec-support (~> 3.10)
    rspec-sidekiq (3.1.0)
      rspec-core (~> 3.0, >= 3.0.0)
      sidekiq (>= 2.4.0)
    rspec-support (3.11.0)
    rspec_junit_formatter (0.5.1)
      rspec-core (>= 2, < 4, != 2.12.0)
    rubocop (1.36.0)
      json (~> 2.3)
      parallel (~> 1.10)
      parser (>= 3.1.2.1)
      rainbow (>= 2.2.2, < 4.0)
      regexp_parser (>= 1.8, < 3.0)
      rexml (>= 3.2.5, < 4.0)
      rubocop-ast (>= 1.20.1, < 2.0)
      ruby-progressbar (~> 1.7)
      unicode-display_width (>= 1.4.0, < 3.0)
    rubocop-ast (1.21.0)
      parser (>= 3.1.1.0)
    rubocop-performance (1.15.0)
      rubocop (>= 1.7.0, < 2.0)
      rubocop-ast (>= 0.4.0)
    rubocop-rails (2.16.1)
      activesupport (>= 4.2.0)
      rack (>= 1.1)
      rubocop (>= 1.33.0, < 2.0)
    rubocop-rspec (2.13.1)
      rubocop (~> 1.33)
    ruby-next-core (0.15.2)
    ruby-progressbar (1.11.0)
    ruby2_keywords (0.0.5)
    sawyer (0.9.2)
      addressable (>= 2.3.5)
      faraday (>= 0.17.3, < 3)
    semantic_range (3.0.0)
    semver2 (3.4.2)
    sentry-rails (5.4.2)
      railties (>= 5.0)
      sentry-ruby (~> 5.4.2)
    sentry-ruby (5.4.2)
      concurrent-ruby (~> 1.0, >= 1.0.2)
    sentry-sidekiq (5.4.2)
      sentry-ruby (~> 5.4.2)
      sidekiq (>= 3.0)
    sidekiq (6.5.6)
      connection_pool (>= 2.2.5)
      rack (~> 2.0)
      redis (>= 4.5.0, < 5)
    sidekiq-cron (1.7.0)
      fugit (~> 1)
      sidekiq (>= 4.2.1)
    sidekiq_alive (2.1.5)
      sidekiq
      webrick
    simplecov (0.21.2)
      docile (~> 1.1)
      simplecov-html (~> 0.11)
      simplecov_json_formatter (~> 0.1)
    simplecov-cobertura (2.1.0)
      rexml
      simplecov (~> 0.19)
    simplecov-console (0.9.1)
      ansi
      simplecov
      terminal-table
    simplecov-html (0.12.3)
    simplecov_json_formatter (0.1.3)
    solargraph (0.46.0)
      backport (~> 1.2)
      benchmark
      bundler (>= 1.17.2)
      diff-lcs (~> 1.4)
      e2mmap
      jaro_winkler (~> 1.5)
      kramdown (~> 2.3)
      kramdown-parser-gfm (~> 1.1)
      parser (~> 3.0)
      reverse_markdown (>= 1.0.5, < 3)
      rubocop (>= 0.52)
      thor (~> 1.0)
      tilt (~> 2.0)
      yard (~> 0.9, >= 0.9.24)
    spring (4.0.0)
    spring-commands-rspec (1.0.4)
      spring (>= 0.9.1)
    strscan (3.0.4)
    systemu (2.6.5)
    terminal-table (3.0.2)
      unicode-display_width (>= 1.1.1, < 3)
    thor (1.2.1)
    tilt (2.0.11)
    timeout (0.3.0)
    toml-rb (2.2.0)
      citrus (~> 3.0, > 3.0)
    tzinfo (2.0.5)
      concurrent-ruby (~> 1.0)
    unf (0.1.4)
      unf_ext
    unf_ext (0.0.8.2)
    unicode-display_width (2.3.0)
    uuid (2.3.9)
      macaddr (~> 1.0)
    warning (1.3.0)
    webrick (1.7.0)
    websocket-driver (0.7.5)
      websocket-extensions (>= 0.1.0)
    websocket-extensions (0.1.5)
    xpath (3.2.0)
      nokogiri (~> 1.8)
    yabeda (0.11.0)
      anyway_config (>= 1.0, < 3)
      concurrent-ruby
      dry-initializer
    yabeda-prometheus-mmap (0.3.0)
      prometheus-client-mmap
      yabeda (~> 0.10)
    yabeda-puma-plugin (0.6.0)
      json
      puma
      yabeda (~> 0.5)
    yabeda-sidekiq (0.8.2)
      anyway_config (>= 1.3, < 3)
      sidekiq
      yabeda (~> 0.6)
    yard (0.9.28)
      webrick (~> 1.7.0)
    zeitwerk (2.6.0)

PLATFORMS
  ruby
  x86_64-linux

DEPENDENCIES
  airborne (~> 0.3.7)
  allure-rspec (~> 2.18.0)
  anyway_config (~> 2.3)
  bootsnap (>= 1.4.2)
  capybara (~> 3.37)
  dependabot-omnibus (~> 0.212.0)
  dry-validation (~> 1.8)
  factory_bot_rails (~> 6.2)
  faker (~> 2.23)
  faraday-retry (~> 2.0)
  git (~> 1.12)
  gitlab (~> 4.19)
  graphql-client (~> 0.18.0)
  httparty (~> 0.20.0)
  lograge (~> 0.12.0)
  mongoid (~> 8.0)
  mongoid_rails_migrations (~> 1.4)
  pry-byebug (~> 3.10)
  pry-rails (~> 0.3.9)
  puma (~> 5.6)
  rails (~> 7.0.4)
  rails-healthcheck (~> 1.4)
  rainbow (~> 3.1)
  reek (~> 6.1)
  request_store (~> 1.5)
  request_store-sidekiq (~> 0.1.0)
  rspec (~> 3.11)
  rspec-rails (~> 5.1.2)
  rspec-sidekiq (~> 3.1)
  rspec_junit_formatter (~> 0.5.1)
  rubocop (~> 1.36.0)
  rubocop-performance (~> 1.15.0)
  rubocop-rails (~> 2.16)
  rubocop-rspec (~> 2.13)
  semantic_range (~> 3.0)
  semver2 (~> 3.4)
  sentry-rails (~> 5.4)
  sentry-sidekiq (~> 5.4)
  sidekiq (~> 6.5.6)
  sidekiq-cron (~> 1.7)
  sidekiq_alive (~> 2.1)
  simplecov (~> 0.21.2)
  simplecov-cobertura (~> 2.1.0)
  simplecov-console (~> 0.9.1)
  solargraph (~> 0.46.0)
  spring (~> 4.0.0)
  spring-commands-rspec (~> 1.0.4)
  terminal-table (~> 3.0)
  warning (~> 1.3)
  yabeda-prometheus-mmap (~> 0.3.0)
  yabeda-puma-plugin (~> 0.6.0)
  yabeda-sidekiq (~> 0.8.2)

RUBY VERSION
   ruby 2.7.5p203

BUNDLED WITH
   2.3.10
